PATH
  remote: .
  specs:
    json_hash (0.0.3)
      json (~> 1.8, >= 1.8.2)

GEM
  remote: https://rubygems.org/
  specs:
    byebug (3.5.1)
      columnize (~> 0.8)
      debugger-linecache (~> 1.2)
      slop (~> 3.6)
    columnize (0.9.0)
    debugger-linecache (1.2.0)
    json (1.8.2)
    slop (3.6.0)
    yard (0.8.7.6)

PLATFORMS
  ruby

DEPENDENCIES
  byebug (~> 3.5, >= 3.5.1)
  json_hash!
  yard (~> 0.8.7, >= 0.8.7.6)
