PATH
  remote: .
  specs:
    json_hash (0.0.2.2)
      json (~> 1.8, >= 1.8.2)

GEM
  remote: https://rubygems.org/
  specs:
    json (1.8.2)
    yard (0.8.7.6)

PLATFORMS
  ruby

DEPENDENCIES
  json_hash!
  yard
